GEM
  remote: https://rubygems.org/
  specs:
    Indirizzo (0.1.7)
    PageRankr (4.4.0)
      httparty (>= 0.9.0)
      json (>= 1.4.6)
      jsonpath (>= 0.4.2)
      nokogiri (>= 1.4.1)
      public_suffix (>= 1.4.4)
    RubyInline (3.12.4)
      ZenTest (~> 4.3)
    ValidateEmail (1.0.1)
    ZenTest (4.11.1)
    actioncable (5.0.0.1)
      actionpack (= 5.0.0.1)
      nio4r (~> 1.2)
      websocket-driver (~> 0.6.1)
    actionmailer (5.0.0.1)
      actionpack (= 5.0.0.1)
      actionview (= 5.0.0.1)
      activejob (= 5.0.0.1)
      mail (~> 2.5, >= 2.5.4)
      rails-dom-testing (~> 2.0)
    actionpack (5.0.0.1)
      actionview (= 5.0.0.1)
      activesupport (= 5.0.0.1)
      rack (~> 2.0)
      rack-test (~> 0.6.3)
      rails-dom-testing (~> 2.0)
      rails-html-sanitizer (~> 1.0, >= 1.0.2)
    actionview (5.0.0.1)
      activesupport (= 5.0.0.1)
      builder (~> 3.1)
      erubis (~> 2.7.0)
      rails-dom-testing (~> 2.0)
      rails-html-sanitizer (~> 1.0, >= 1.0.2)
    activejob (5.0.0.1)
      activesupport (= 5.0.0.1)
      globalid (>= 0.3.6)
    activemodel (5.0.0.1)
      activesupport (= 5.0.0.1)
    activerecord (5.0.0.1)
      activemodel (= 5.0.0.1)
      activesupport (= 5.0.0.1)
      arel (~> 7.0)
    activesupport (5.0.0.1)
      concurrent-ruby (~> 1.0, >= 1.0.2)
      i18n (~> 0.7)
      minitest (~> 5.1)
      tzinfo (~> 1.1)
    addressable (2.5.0)
      public_suffix (~> 2.0, >= 2.0.2)
    airbrussh (1.1.1)
      sshkit (>= 1.6.1, != 1.7.0)
    area (0.10.0)
      fastercsv (~> 1.5)
    arel (7.1.4)
    awesome_print (1.7.0)
    aws-sdk (2.6.38)
      aws-sdk-resources (= 2.6.38)
    aws-sdk-core (2.6.38)
      aws-sigv4 (~> 1.0)
      jmespath (~> 1.0)
    aws-sdk-resources (2.6.38)
      aws-sdk-core (= 2.6.38)
    aws-sigv4 (1.0.0)
    backports (3.6.8)
    bcrypt (3.1.11)
    bcrypt-ruby (3.1.5)
      bcrypt (>= 3.1.3)
    benchmark-ips (2.7.2)
    bson (1.12.5)
    bson_ext (1.12.5)
      bson (~> 1.12.5)
    buftok (0.2.0)
    builder (3.2.2)
    capistrano (3.7.1)
      airbrussh (>= 1.0.0)
      capistrano-harrow
      i18n
      rake (>= 10.0.0)
      sshkit (>= 1.9.0)
    capistrano-bundler (1.2.0)
      capistrano (~> 3.1)
      sshkit (~> 1.2)
    capistrano-composer (0.0.6)
      capistrano (>= 3.0.0.pre)
    capistrano-harrow (0.5.3)
    capistrano-rails (1.2.0)
      capistrano (~> 3.1)
      capistrano-bundler (~> 1.1)
    capistrano-rails-console (2.2.0)
      capistrano (>= 3.5.0, < 4.0.0)
      sshkit-interactive (~> 0.2.0)
    capistrano-rvm (0.1.2)
      capistrano (~> 3.0)
      sshkit (~> 1.2)
    capistrano-sidekiq (0.10.0)
      capistrano
      sidekiq (>= 3.4)
    celluloid (0.16.0)
      timers (~> 4.0.0)
    celluloid-io (0.16.2)
      celluloid (>= 0.16.0)
      nio4r (>= 1.1.0)
    chartkick (2.2.1)
    chronic (0.10.2)
    clarifier (0.9.1)
    classifier-reborn (2.1.0)
      fast-stemmer (~> 1.0)
    coderay (1.1.1)
    colored (1.2)
    concurrent-ruby (1.0.5)
    connection_pool (2.2.1)
    crass (1.0.2)
    curb (0.9.3)
    database_cleaner (1.5.3)
    derailed (0.1.0)
      derailed_benchmarks
    derailed_benchmarks (1.3.1)
      benchmark-ips (~> 2)
      get_process_mem (~> 0)
      heapy (~> 0)
      memory_profiler (~> 0)
      rack (>= 1)
      rake (> 10, < 12)
      thor (~> 0.19)
    diff-lcs (1.2.5)
    dnsruby (1.60.0)
    docker-api (1.33.0)
      excon (>= 0.38.0)
      json
    domain_name (0.5.20161129)
      unf (>= 0.0.5, < 1.0.0)
    elasticsearch (1.0.18)
      elasticsearch-api (= 1.0.18)
      elasticsearch-transport (= 1.0.18)
    elasticsearch-api (1.0.18)
      multi_json
    elasticsearch-model (0.1.9)
      activesupport (> 3)
      elasticsearch (> 0.4)
      hashie
    elasticsearch-transport (1.0.18)
      faraday
      multi_json
    em-udns (0.3.6)
    email-authentication (0.2.5)
      dnsruby
      thor
    email_domain_validator (0.0.1)
    email_verifier (0.1.0)
      dnsruby (>= 1.5)
    engtagger (0.2.1)
    equalizer (0.0.11)
    erubis (2.7.0)
    eventmachine (1.2.1)
    excon (0.54.0)
    faraday (0.10.0)
      multipart-post (>= 1.2, < 3)
    faraday-cookie_jar (0.0.6)
      faraday (>= 0.7.4)
      http-cookie (~> 1.0.0)
    faraday-encoding (0.0.4)
      faraday
    faraday-http-cache (1.3.1)
      faraday (~> 0.8)
    faraday_middleware (0.10.1)
      faraday (>= 0.7.4, < 1.0)
    faraday_middleware-aws-signers-v4 (0.1.5)
      aws-sdk (~> 2.1)
      faraday (~> 0.9)
    fast-stemmer (1.0.2)
    fastercsv (1.5.5)
    fastimage (2.0.1)
      addressable (~> 2)
    ffaker (2.3.0)
    ffi (1.9.14)
    fletcher (0.6.9)
      hashie
      monetize
      money
      nokogiri
      thor
    formatador (0.2.5)
    fuubar (2.2.0)
      rspec-core (~> 3.0)
      ruby-progressbar (~> 1.4)
    fuzzy-string-match (0.9.7)
      RubyInline (>= 3.8.6)
    fuzzy_match (2.1.0)
    geokit (1.10.0)
    get_process_mem (0.2.1)
    globalid (0.3.7)
      activesupport (>= 4.1.0)
    gman (7.0.1)
      colored (~> 1.2)
      iso_country_codes (~> 0.6)
      naughty_or_nice (~> 2.0)
    googlepagerank (1.0.4)
      activesupport (>= 1.4.2)
      hoe (>= 1.5.3)
      hpricot (>= 0.4.86)
    groupdate (3.1.1)
      activesupport (>= 3)
    growl (1.0.3)
    guard (2.14.0)
      formatador (>= 0.2.4)
      listen (>= 2.7, < 4.0)
      lumberjack (~> 1.0)
      nenv (~> 0.1)
      notiffany (~> 0.0)
      pry (>= 0.9.12)
      shellany (~> 0.0)
      thor (>= 0.18.1)
    guard-bundler (2.1.0)
      bundler (~> 1.0)
      guard (~> 2.2)
      guard-compat (~> 1.1)
    guard-compat (1.2.1)
    guard-rails (0.8.0)
      guard (~> 2.11)
      guard-compat (~> 1.0)
    guard-rspec (4.7.3)
      guard (~> 2.1)
      guard-compat (~> 1.1)
      rspec (>= 2.99.0, < 4.0)
    guard-sidekiq (0.1.0)
      guard (>= 2)
      sidekiq
    guess (0.1.0)
    guess_html_encoding (0.0.11)
    hashie (3.4.6)
    heapy (0.1.2)
    hirb (0.7.3)
    hiredis (0.6.1)
    hitimes (1.2.4)
    hoe (3.15.3)
      rake (>= 0.8, < 12.0)
    hpricot (0.8.6)
    htmlentities (4.3.4)
    http (2.1.0)
      addressable (~> 2.3)
      http-cookie (~> 1.0)
      http-form_data (~> 1.0.1)
      http_parser.rb (~> 0.6.0)
    http-cookie (1.0.3)
      domain_name (~> 0.5)
    http-form_data (1.0.1)
    http_parser.rb (0.6.0)
    httparty (0.14.0)
      multi_xml (>= 0.5.2)
    i18n (0.7.0)
    iconv (1.0.4)
    infoboxer (0.2.7)
      addressable
      backports
      htmlentities
      mediawiktory (>= 0.0.2)
      procme
      terminal-table
    iso_country_codes (0.7.5)
    jmespath (1.3.1)
    json (1.8.3)
    jsonpath (0.5.8)
      multi_json
    launchy (2.4.3)
      addressable (~> 2.3)
    letter_opener (1.4.1)
      launchy (~> 2.2)
    letter_opener_web (1.3.0)
      actionmailer (>= 3.2)
      letter_opener (~> 1.0)
      railties (>= 3.2)
    linkedin-scraper (2.1.1)
      mechanize (~> 2)
      random_user_agent
    listen (3.1.5)
      rb-fsevent (~> 0.9, >= 0.9.4)
      rb-inotify (~> 0.9, >= 0.9.7)
      ruby_dep (~> 1.2)
    loofah (2.0.3)
      nokogiri (>= 1.5.9)
    lumberjack (1.0.10)
    mail (2.6.4)
      mime-types (>= 1.16, < 4)
    mechanize (2.7.5)
      domain_name (~> 0.5, >= 0.5.1)
      http-cookie (~> 1.0)
      mime-types (>= 1.17.2)
      net-http-digest_auth (~> 1.1, >= 1.1.1)
      net-http-persistent (~> 2.5, >= 2.5.2)
      nokogiri (~> 1.6)
      ntlm-http (~> 0.1, >= 0.1.1)
      webrobots (>= 0.0.9, < 0.2)
    mediawiktory (0.0.2)
      addressable
      faraday
      faraday_middleware
      hashie
    memoizable (0.4.2)
      thread_safe (~> 0.3, >= 0.3.1)
    memory_profiler (0.9.7)
    metainspector (5.3.1)
      addressable (~> 2.4)
      faraday (~> 0.9)
      faraday-cookie_jar (~> 0.0)
      faraday-encoding (~> 0.0.3)
      faraday-http-cache (~> 1.2)
      faraday_middleware (~> 0.10)
      fastimage (~> 2.0)
      nesty (~> 1.0)
      nokogiri (~> 1.6)
    method_profiler (2.0.1)
      hirb (>= 0.6.0)
    method_source (0.8.2)
    mime-types (2.99.3)
    mini_portile2 (2.1.0)
    minitest (5.10.1)
    monetize (1.4.0)
      money (~> 6.7)
    money (6.7.1)
      i18n (>= 0.6.4, <= 0.7.0)
      sixarm_ruby_unaccent (>= 1.1.1, < 2)
    multi_json (1.12.1)
    multi_xml (0.6.0)
    multipart-post (2.0.0)
    mx-validator (0.0.1)
      dnsruby (>= 1.5.4)
    namae (0.11.3)
    naught (1.1.0)
    naughty_or_nice (2.1.0)
      addressable (~> 2.3)
      public_suffix (~> 2.0)
    nenv (0.3.0)
    nesty (1.0.2)
    net-http-digest_auth (1.4)
    net-http-persistent (2.9.4)
    net-scp (1.2.1)
      net-ssh (>= 2.6.5)
    net-ssh (3.2.0)
    net-telnet (0.1.1)
    netrc (0.11.0)
    nio4r (1.2.1)
    nlp-pure (0.1.0)
    nokogiri (1.6.8.1)
      mini_portile2 (~> 2.1.0)
    nokogumbo (1.4.10)
      nokogiri
    notiffany (0.1.1)
      nenv (~> 0.1)
      shellany (~> 0.0)
    ntlm-http (0.1.1)
    odyssey (0.2.0)
      require_all
    open-weather (0.12.0)
      json (~> 1)
    pg (0.19.0)
    phonelib (0.6.8)
    phony (2.15.38)
    phony_rails (0.14.4)
      activesupport (>= 3.0)
      phony (~> 2.15)
    pismo (0.7.4)
      awesome_print
      chronic
      fast-stemmer
      nokogiri
      sanitize
    polipus (0.5.1)
      hiredis (~> 0.5, >= 0.4.5)
      http-cookie (~> 1.0, >= 1.0.1)
      nokogiri (~> 1.6, >= 1.6.0)
      redis (~> 3.0, >= 3.0.4)
      redis-bloomfilter (~> 0.0, >= 0.0.3)
      redis-queue (~> 0.0, >= 0.0.4)
    polipus-elasticsearch (0.0.4)
      elasticsearch (~> 1.0.4)
      elasticsearch-model (~> 0.1.4)
      polipus (~> 0.3, >= 0.3.0)
    pragmatic_segmenter (0.3.13)
      unicode
    pragmatic_tokenizer (3.0.4)
      unicode
    procme (0.0.3)
    pry (0.10.4)
      coderay (~> 1.1.0)
      method_source (~> 0.8.1)
      slop (~> 3.4)
    public_suffix (2.0.4)
    punkt-segmenter (0.9.1)
      unicode_utils (>= 1.0.0)
    quandl (1.0.3)
      activesupport (>= 4.2.3)
      json (~> 1.8.3)
      rest-client (~> 1.8.0)
    rack (2.0.1)
    rack-protection (1.5.3)
      rack
    rack-test (0.6.3)
      rack (>= 1.0)
    rails (5.0.0.1)
      actioncable (= 5.0.0.1)
      actionmailer (= 5.0.0.1)
      actionpack (= 5.0.0.1)
      actionview (= 5.0.0.1)
      activejob (= 5.0.0.1)
      activemodel (= 5.0.0.1)
      activerecord (= 5.0.0.1)
      activesupport (= 5.0.0.1)
      bundler (>= 1.3.0, < 2.0)
      railties (= 5.0.0.1)
      sprockets-rails (>= 2.0.0)
    rails-dom-testing (2.0.1)
      activesupport (>= 4.2.0, < 6.0)
      nokogiri (~> 1.6.0)
    rails-html-sanitizer (1.0.3)
      loofah (~> 2.0)
    railties (5.0.0.1)
      actionpack (= 5.0.0.1)
      activesupport (= 5.0.0.1)
      method_source
      rake (>= 0.8.7)
      thor (>= 0.18.1, < 2.0)
    rake (11.3.0)
    random_user_agent (1.0.0)
    rb-fchange (0.0.6)
      ffi
    rb-fsevent (0.9.8)
    rb-inotify (0.9.7)
      ffi (>= 0.5.0)
    rb-readline (0.5.3)
    reality (0.0.4)
      geokit
      hashie
      infoboxer (>= 0.2.4)
      open-weather
      quandl
      ruby-sun-times
      time_boots
      timezone (>= 0.99.0)
      tzinfo
    redis (3.3.3)
    redis-bloomfilter (0.0.3)
      hiredis (~> 0.5, >= 0.5.2)
      redis (~> 3.0, >= 3.0.4)
    redis-objects (1.2.1)
      redis (>= 3.0.2)
    redis-queue (0.0.4)
      hiredis (~> 0.5, >= 0.5.2)
      redis (~> 3.0, >= 3.0.4)
    require_all (1.3.3)
    rest-client (1.8.0)
      http-cookie (>= 1.0.2, < 2.0)
      mime-types (>= 1.16, < 3.0)
      netrc (~> 0.7)
    roo (2.5.1)
      nokogiri (~> 1)
      rubyzip (~> 1.1, < 2.0.0)
    rspec (3.5.0)
      rspec-core (~> 3.5.0)
      rspec-expectations (~> 3.5.0)
      rspec-mocks (~> 3.5.0)
    rspec-core (3.5.4)
      rspec-support (~> 3.5.0)
    rspec-expectations (3.5.0)
      diff-lcs (>= 1.2.0, < 2.0)
      rspec-support (~> 3.5.0)
    rspec-its (1.2.0)
      rspec-core (>= 3.0.0)
      rspec-expectations (>= 3.0.0)
    rspec-mocks (3.5.0)
      diff-lcs (>= 1.2.0, < 2.0)
      rspec-support (~> 3.5.0)
    rspec-rails (3.5.2)
      actionpack (>= 3.0)
      activesupport (>= 3.0)
      railties (>= 3.0)
      rspec-core (~> 3.5.0)
      rspec-expectations (~> 3.5.0)
      rspec-mocks (~> 3.5.0)
      rspec-support (~> 3.5.0)
    rspec-support (3.5.0)
    ruby-mailchecker (3.0.19)
    ruby-progressbar (1.8.1)
    ruby-readability (0.7.0)
      guess_html_encoding (>= 0.0.4)
      nokogiri (>= 1.6.0)
    ruby-stemmer (0.9.6)
    ruby-sun-times (0.1.5)
    ruby_dep (1.5.0)
    rubydns (1.0.3)
      celluloid (= 0.16.0)
      celluloid-io (= 0.16.2)
      timers (~> 4.0.1)
    rubyzip (1.3.0)
    sad_panda (1.0.1)
      ruby-stemmer
    sanitize (4.4.0)
      crass (~> 1.0.2)
      nokogiri (>= 1.4.4)
      nokogumbo (~> 1.4.1)
    scalpel (0.2.1)
    searchjoy (0.1.0)
      activerecord
      chartkick
      groupdate
    searchkick (1.4.1)
      activemodel
      elasticsearch (>= 1)
      hashie
    sentimental (1.4.0)
      json (~> 1.8, >= 1.8.3)
    serverspec (2.37.2)
      multi_json
      rspec (~> 3.0)
      rspec-its
      specinfra (~> 2.53)
    sfl (2.3)
    shellany (0.0.1)
    sidekiq (4.2.10)
      concurrent-ruby (~> 1.0)
      connection_pool (~> 2.2, >= 2.2.0)
      rack-protection (>= 1.5.0)
      redis (~> 3.2, >= 3.2.1)
    sidekiq-benchmark (0.5.2)
      chartkick (>= 1.1.1)
      sidekiq (~> 4)
    sidekiq-hierarchy (2.1.0)
      connection_pool (~> 2.0)
      sidekiq (> 3.3, < 5)
    sidekiq-history (0.0.7)
      sidekiq (>= 3.0.0)
    sidekiq-lock (0.3.0)
      redis (>= 3.0.5)
      sidekiq (>= 2.14.0)
    sidekiq-statsd (0.1.5)
      activesupport
      sidekiq (>= 2.6)
      statsd-ruby (>= 1.1.0)
    sidekiq-status (0.6.0)
      sidekiq (>= 2.7)
    simple_oauth (0.3.1)
    sixarm_ruby_unaccent (1.1.1)
    slop (3.6.0)
    social_shares (0.3.2)
      json
      rest-client
    specinfra (2.66.3)
      net-scp
      net-ssh (>= 2.7, < 4.0)
      net-telnet
      sfl
    sprockets (3.7.0)
      concurrent-ruby (~> 1.0)
      rack (> 1, < 3)
    sprockets-rails (3.2.0)
      actionpack (>= 4.0)
      activesupport (>= 4.0)
      sprockets (>= 3.0.0)
    sshkit (1.11.5)
      net-scp (>= 1.1.2)
      net-ssh (>= 2.8.0)
    sshkit-interactive (0.2.0)
      sshkit (~> 1.9)
    stackprof (0.2.10)
    statsd-ruby (1.3.0)
    stopwords-filter (0.3.1)
    swot (1.0.0)
      naughty_or_nice (~> 2.0)
      public_suffix
    tactful_tokenizer (0.0.5)
    terminal-table (1.7.3)
      unicode-display_width (~> 1.1.1)
    text (1.3.1)
    textoken (1.1.2)
    thor (0.19.4)
    thread_safe (0.3.5)
    tika-app (0.2.1)
    time_boots (0.0.2)
    timers (4.0.4)
      hitimes
    timezone (1.2.4)
    twitter (6.0.0)
      addressable (~> 2.5)
      buftok (~> 0.2.0)
      equalizer (= 0.0.11)
      faraday (~> 0.10.0)
      http (~> 2.1)
      http_parser.rb (~> 0.6.0)
      memoizable (~> 0.4.2)
      naught (~> 1.1)
      simple_oauth (~> 0.3.1)
    tzinfo (1.2.2)
      thread_safe (~> 0.1)
    unf (0.1.4)
      unf_ext
    unf_ext (0.0.7.2)
    unicode (0.4.4.2)
    unicode-display_width (1.1.2)
    unicode_utils (1.4.0)
    validates_phone_number (2.0.1)
    webrobots (0.1.2)
    websocket-driver (0.6.4)
      websocket-extensions (>= 0.1.0)
    websocket-extensions (0.1.2)
    whatlanguage (1.0.6)
    whois (4.0.1)
    word_count_analyzer (1.0.0)
      engtagger
    words_counted (1.0.2)

PLATFORMS
  ruby

DEPENDENCIES
  Indirizzo
  PageRankr
  ValidateEmail
  area
  bcrypt-ruby
  benchmark-ips
  bson_ext
  capistrano
  capistrano-bundler
  capistrano-composer
  capistrano-rails
  capistrano-rails-console
  capistrano-rvm
  capistrano-sidekiq
  clarifier
  classifier-reborn
  curb
  database_cleaner
  derailed
  dnsruby
  docker-api
  elasticsearch (>= 1.0.15)
  em-udns
  email-authentication
  email_domain_validator
  email_verifier
  engtagger
  eventmachine
  faraday_middleware-aws-signers-v4
  ffaker
  ffi
  fletcher
  fuubar
  fuzzy-string-match
  fuzzy_match
  gman
  googlepagerank
  growl
  guard
  guard-bundler
  guard-rails
  guard-rspec
  guard-sidekiq
  guess
  hiredis (~> 0.6.1)
  iconv
  letter_opener
  letter_opener_web
  linkedin-scraper
  mechanize
  metainspector
  method_profiler
  mx-validator
  namae
  net-telnet
  nlp-pure
  nokogiri
  odyssey
  pg
  phonelib
  phony_rails
  pismo
  polipus (~> 0.5.1)
  polipus-elasticsearch
  pragmatic_segmenter
  pragmatic_tokenizer
  punkt-segmenter
  rails (= 5.0.0.1)
  rb-fchange
  rb-fsevent
  rb-inotify
  rb-readline
  reality
  redis (~> 3.2)
  redis-objects
  roo
  rspec-core
  rspec-rails
  ruby-mailchecker
  ruby-readability
  rubydns
  sad_panda
  scalpel
  searchjoy
  searchkick
  sentimental
  serverspec
  sidekiq (< 5)
  sidekiq-benchmark
  sidekiq-hierarchy
  sidekiq-history
  sidekiq-lock
  sidekiq-statsd
  sidekiq-status
  social_shares
  stackprof
  statsd-ruby
  stopwords-filter
  swot
  tactful_tokenizer
  text
  textoken
  tika-app
  twitter
  validates_phone_number
  whatlanguage
  whois
  word_count_analyzer
  words_counted

RUBY VERSION
   ruby 2.2.6p396

BUNDLED WITH
   1.14.6
