GEM
  remote: https://rubygems.org/
  specs:
    Indirizzo (0.1.7)
    PageRankr (4.4.0)
      httparty (>= 0.9.0)
      json (>= 1.4.6)
      jsonpath (>= 0.4.2)
      nokogiri (>= 1.4.1)
      public_suffix (>= 1.4.4)
    RubyInline (3.12.4)
      ZenTest (~> 4.3)
    ValidateEmail (1.0.1)
    ZenTest (4.11.1)
    actionmailer (4.2.6)
      actionpack (= 4.2.6)
      actionview (= 4.2.6)
      activejob (= 4.2.6)
      mail (~> 2.5, >= 2.5.4)
      rails-dom-testing (~> 1.0, >= 1.0.5)
    actionpack (4.2.6)
      actionview (= 4.2.6)
      activesupport (= 4.2.6)
      rack (~> 1.6)
      rack-test (~> 0.6.2)
      rails-dom-testing (~> 1.0, >= 1.0.5)
      rails-html-sanitizer (~> 1.0, >= 1.0.2)
    actionview (4.2.6)
      activesupport (= 4.2.6)
      builder (~> 3.1)
      erubis (~> 2.7.0)
      rails-dom-testing (~> 1.0, >= 1.0.5)
      rails-html-sanitizer (~> 1.0, >= 1.0.2)
    active_median (0.1.4)
      activerecord
    activejob (4.2.6)
      activesupport (= 4.2.6)
      globalid (>= 0.3.0)
    activejob_backport (0.0.3)
      activesupport (>= 4.0.0)
    activemodel (4.2.6)
      activesupport (= 4.2.6)
      builder (~> 3.1)
    activerecord (4.2.6)
      activemodel (= 4.2.6)
      activesupport (= 4.2.6)
      arel (~> 6.0)
    activesupport (4.2.6)
      i18n (~> 0.7)
      json (~> 1.7, >= 1.7.7)
      minitest (~> 5.1)
      thread_safe (~> 0.3, >= 0.3.4)
      tzinfo (~> 1.1)
    addressable (2.5.1)
      public_suffix (~> 2.0, >= 2.0.2)
    ahoy_email (0.4.0)
      addressable
      nokogiri
      rails
      safely_block (>= 0.1.1)
    airbrussh (1.1.2)
      sshkit (>= 1.6.1, != 1.7.0)
    apartment (1.2.0)
      activerecord (>= 3.1.2, < 6.0)
      rack (>= 1.3.6)
    area (0.10.0)
      fastercsv (~> 1.5)
    arel (6.0.4)
    autoprefixer-rails (6.7.6)
      execjs
    awesome_print (1.7.0)
    aws-sdk (2.8.5)
      aws-sdk-resources (= 2.8.5)
    aws-sdk-core (2.8.5)
      aws-sigv4 (~> 1.0)
      jmespath (~> 1.0)
    aws-sdk-resources (2.8.5)
      aws-sdk-core (= 2.8.5)
    aws-sigv4 (1.0.0)
    backports (3.6.8)
    bcrypt (3.1.11)
    bcrypt-ruby (3.1.5)
      bcrypt (>= 3.1.3)
    benchmark-ips (2.7.2)
    better_errors (2.1.1)
      coderay (>= 1.0.0)
      erubis (>= 2.6.6)
      rack (>= 0.9.0)
    bluecloth (2.2.0)
    bootstrap-sass (3.3.7)
      autoprefixer-rails (>= 5.2.1)
      sass (>= 3.3.4)
    bson (1.12.5)
    bson_ext (1.12.5)
      bson (~> 1.12.5)
    builder (3.2.3)
    by_star (2.2.1)
      activesupport
    capistrano (3.7.2)
      airbrussh (>= 1.0.0)
      capistrano-harrow
      i18n
      rake (>= 10.0.0)
      sshkit (>= 1.9.0)
    capistrano-bundler (1.2.0)
      capistrano (~> 3.1)
      sshkit (~> 1.2)
    capistrano-composer (0.0.6)
      capistrano (>= 3.0.0.pre)
    capistrano-harrow (0.5.3)
    capistrano-rails (1.2.2)
      capistrano (~> 3.1)
      capistrano-bundler (~> 1.1)
    capistrano-rails-console (2.2.0)
      capistrano (>= 3.5.0, < 4.0.0)
      sshkit-interactive (~> 0.2.0)
    capistrano-rvm (0.1.2)
      capistrano (~> 3.0)
      sshkit (~> 1.2)
    capistrano-sidekiq (0.10.0)
      capistrano
      sidekiq (>= 3.4)
    capybara (2.12.1)
      addressable
      mime-types (>= 1.16)
      nokogiri (>= 1.3.3)
      rack (>= 1.0.0)
      rack-test (>= 0.5.4)
      xpath (~> 2.0)
    capybara-webkit (1.12.0)
      capybara (>= 2.3.0, < 2.13.0)
      json
    celluloid (0.16.0)
      timers (~> 4.0.0)
    celluloid-io (0.16.2)
      celluloid (>= 0.16.0)
      nio4r (>= 1.1.0)
    chartkick (2.2.3)
    childprocess (0.6.2)
      ffi (~> 1.0, >= 1.0.11)
    chronic (0.10.2)
    cliver (0.3.2)
    coderay (1.1.1)
    coffee-rails (4.1.1)
      coffee-script (>= 2.2.0)
      railties (>= 4.0.0, < 5.1.x)
    coffee-script (2.4.1)
      coffee-script-source
      execjs
    coffee-script-source (1.12.2)
    colored (1.2)
    concurrent-ruby (1.0.5)
    connection_pool (2.2.1)
    crass (1.0.2)
    curb (0.9.3)
    dalli (2.7.6)
    dalli-elasticache (0.2.0)
      dalli (>= 1.0.0)
    database_cleaner (1.5.3)
    deep_merge (1.1.1)
    derailed (0.1.0)
      derailed_benchmarks
    derailed_benchmarks (1.3.2)
      benchmark-ips (~> 2)
      get_process_mem (~> 0)
      heapy (~> 0)
      memory_profiler (~> 0)
      rack (>= 1)
      rake (> 10, < 13)
      thor (~> 0.19)
    devise (4.2.1)
      bcrypt (~> 3.0)
      orm_adapter (~> 0.1)
      railties (>= 4.1.0, < 5.1)
      responders
      warden (~> 1.2.3)
    devise-doorkeeper (1.1.2)
      devise
      doorkeeper
      rails
    devise-encryptable (0.2.0)
      devise (>= 2.1.0)
    devise_invitable (1.7.1)
      actionmailer (>= 4.1.0)
      devise (>= 4.0.0)
    devise_openid_authenticatable (1.3.0)
      devise (>= 1.3)
      rack-openid (>= 1.2.0)
    devise_uid (0.1.1)
      devise (>= 3.0.0)
      railties (>= 3.0)
    diff-lcs (1.3)
    dnsruby (1.60.0)
    docker-api (1.33.2)
      excon (>= 0.38.0)
      json
    domain_name (0.5.20170404)
      unf (>= 0.0.5, < 1.0.0)
    doorkeeper (4.2.5)
      railties (>= 4.2)
    dry-config (1.2.7)
      deep_merge
    eb_deployer (0.6.6)
      aws-sdk (~> 2, >= 2.0.0)
    elastic-beanstalk (1.2.2)
      awesome_print
      dry-config (>= 1.2.0)
      eb_deployer (>= 0.6.1)
      nokogiri
      railties (>= 3.2)
      rubyzip
      table_print
      time_diff
    elasticsearch (5.0.3)
      elasticsearch-api (= 5.0.3)
      elasticsearch-transport (= 5.0.3)
    elasticsearch-api (5.0.3)
      multi_json
    elasticsearch-transport (5.0.3)
      faraday
      multi_json
    em-udns (0.3.6)
    email-authentication (0.2.5)
      dnsruby
      thor
    email_domain_validator (0.0.1)
    email_validator (1.6.0)
      activemodel
    email_verifier (0.1.0)
      dnsruby (>= 1.5)
    engtagger (0.2.1)
    errbase (0.0.3)
    erubis (2.7.0)
    eventmachine (1.2.3)
    excon (0.55.0)
    execjs (2.7.0)
    factory_girl (4.8.0)
      activesupport (>= 3.0.0)
    factory_girl_rails (4.8.0)
      factory_girl (~> 4.8.0)
      railties (>= 3.0.0)
    faraday (0.11.0)
      multipart-post (>= 1.2, < 3)
    faraday-cookie_jar (0.0.6)
      faraday (>= 0.7.4)
      http-cookie (~> 1.0.0)
    faraday-encoding (0.0.4)
      faraday
    faraday-http-cache (1.3.1)
      faraday (~> 0.8)
    faraday_middleware (0.11.0.1)
      faraday (>= 0.7.4, < 1.0)
    faraday_middleware-aws-signers-v4 (0.1.6)
      aws-sdk (~> 2)
      faraday (~> 0.9)
    fast-stemmer (1.0.2)
    fastercsv (1.5.5)
    fastimage (2.1.0)
    ffaker (2.5.0)
    ffi (1.9.18)
    fletcher (0.6.9)
      hashie
      monetize
      money
      nokogiri
      thor
    formatador (0.2.5)
    fuubar (2.2.0)
      rspec-core (~> 3.0)
      ruby-progressbar (~> 1.4)
    fuzzy-string-match (0.9.7)
      RubyInline (>= 3.8.6)
    fuzzy_match (2.1.0)
    geokit (1.11.0)
    get_process_mem (0.2.1)
    globalid (0.3.7)
      activesupport (>= 4.1.0)
    gman (7.0.1)
      colored (~> 1.2)
      iso_country_codes (~> 0.6)
      naughty_or_nice (~> 2.0)
    googlepagerank (1.0.4)
      activesupport (>= 1.4.2)
      hoe (>= 1.5.3)
      hpricot (>= 0.4.86)
    gravtastic (3.2.6)
    gritter (1.2.0)
    groupdate (3.2.0)
      activesupport (>= 3)
    growl (1.0.3)
    guard (2.14.1)
      formatador (>= 0.2.4)
      listen (>= 2.7, < 4.0)
      lumberjack (~> 1.0)
      nenv (~> 0.1)
      notiffany (~> 0.0)
      pry (>= 0.9.12)
      shellany (~> 0.0)
      thor (>= 0.18.1)
    guard-bundler (2.1.0)
      bundler (~> 1.0)
      guard (~> 2.2)
      guard-compat (~> 1.1)
    guard-compat (1.2.1)
    guard-rails (0.8.0)
      guard (~> 2.11)
      guard-compat (~> 1.0)
    guard-rspec (4.7.3)
      guard (~> 2.1)
      guard-compat (~> 1.1)
      rspec (>= 2.99.0, < 4.0)
    guard-sidekiq (0.1.0)
      guard (>= 2)
      sidekiq
    guess (0.1.1)
    guess_html_encoding (0.0.11)
    hashie (3.5.5)
    headless (2.3.1)
    heapy (0.1.2)
    high_voltage (3.0.0)
    highline (1.7.8)
    hightop (0.1.4)
      activerecord
    hirb (0.7.3)
    hiredis (0.6.1)
    hitimes (1.2.4)
    hoe (3.16.0)
      rake (>= 0.8, < 13.0)
    hpricot (0.8.6)
    htmlentities (4.3.4)
    http-cookie (1.0.3)
      domain_name (~> 0.5)
    httparty (0.14.0)
      multi_xml (>= 0.5.2)
    i18n (0.7.0)
    iconv (1.0.4)
    infoboxer (0.2.7)
      addressable
      backports
      htmlentities
      mediawiktory (>= 0.0.2)
      procme
      terminal-table
    iso_country_codes (0.7.6)
    jbuilder (2.6.3)
      activesupport (>= 3.0.0, < 5.2)
      multi_json (~> 1.2)
    jmespath (1.3.1)
    jquery-rails (4.2.2)
      rails-dom-testing (>= 1, < 3)
      railties (>= 4.2.0)
      thor (>= 0.14, < 2.0)
    json (1.8.6)
    jsonpath (0.5.8)
      multi_json
    jwt (1.5.6)
    koala (2.5.0)
      addressable
      faraday
    koudoku (1.2.4)
      bluecloth
      rails
      stripe
      stripe_event
    launchy (2.4.3)
      addressable (~> 2.3)
    letter_opener (1.4.1)
      launchy (~> 2.2)
    letter_opener_web (1.3.1)
      actionmailer (>= 3.2)
      letter_opener (~> 1.0)
      railties (>= 3.2)
    linkedin-scraper (2.1.1)
      mechanize (~> 2)
      random_user_agent
    listen (3.1.5)
      rb-fsevent (~> 0.9, >= 0.9.4)
      rb-inotify (~> 0.9, >= 0.9.7)
      ruby_dep (~> 1.2)
    lograge (0.4.1)
      actionpack (>= 4, < 5.1)
      activesupport (>= 4, < 5.1)
      railties (>= 4, < 5.1)
    loofah (2.0.3)
      nokogiri (>= 1.5.9)
    lumberjack (1.0.11)
    mail (2.6.4)
      mime-types (>= 1.16, < 4)
    marky_markov (0.3.5)
      msgpack
    mechanize (2.7.5)
      domain_name (~> 0.5, >= 0.5.1)
      http-cookie (~> 1.0)
      mime-types (>= 1.17.2)
      net-http-digest_auth (~> 1.1, >= 1.1.1)
      net-http-persistent (~> 2.5, >= 2.5.2)
      nokogiri (~> 1.6)
      ntlm-http (~> 0.1, >= 0.1.1)
      webrobots (>= 0.0.9, < 0.2)
    mediawiktory (0.0.2)
      addressable
      faraday
      faraday_middleware
      hashie
    memory_profiler (0.9.7)
    metainspector (5.4.0)
      addressable (~> 2.4)
      faraday (~> 0.9)
      faraday-cookie_jar (~> 0.0)
      faraday-encoding (~> 0.0.3)
      faraday-http-cache (~> 1.2)
      faraday_middleware (~> 0.10)
      fastimage (~> 2.0)
      nesty (~> 1.0)
      nokogiri (~> 1.6)
    method_profiler (2.0.1)
      hirb (>= 0.6.0)
    method_source (0.8.2)
    mime-types (2.99.3)
    mini_portile2 (2.1.0)
    minitest (5.10.1)
    momentjs-rails (2.17.1)
      railties (>= 3.1)
    monetize (1.6.0)
      money (~> 6.8)
    money (6.8.1)
      i18n (>= 0.6.4, <= 0.7.0)
      sixarm_ruby_unaccent (>= 1.1.1, < 2)
    msgpack (1.0.3)
    multi_json (1.12.1)
    multi_xml (0.6.0)
    multipart-post (2.0.0)
    mx-validator (0.0.1)
      dnsruby (>= 1.5.4)
    namae (0.11.3)
    naughty_or_nice (2.1.0)
      addressable (~> 2.3)
      public_suffix (~> 2.0)
    nenv (0.3.0)
    nesty (1.0.2)
    net-http-digest_auth (1.4.1)
    net-http-persistent (2.9.4)
    net-scp (1.2.1)
      net-ssh (>= 2.6.5)
    net-ssh (4.1.0)
    net-telnet (0.1.1)
    netrc (0.11.0)
    nio4r (2.0.0)
    nokogiri (1.7.1)
      mini_portile2 (~> 2.1.0)
    nokogumbo (1.4.10)
      nokogiri
    notiffany (0.1.1)
      nenv (~> 0.1)
      shellany (~> 0.0)
    ntlm-http (0.1.1)
    oauth (0.5.1)
    oauth2 (1.3.1)
      faraday (>= 0.8, < 0.12)
      jwt (~> 1.0)
      multi_json (~> 1.3)
      multi_xml (~> 0.5)
      rack (>= 1.2, < 3)
    odyssey (0.2.0)
      require_all
    omniauth (1.6.1)
      hashie (>= 3.4.6, < 3.6.0)
      rack (>= 1.6.2, < 3)
    omniauth-facebook (4.0.0)
      omniauth-oauth2 (~> 1.2)
    omniauth-google (1.0.2)
      multi_json
      omniauth (~> 1.0)
      omniauth-oauth
    omniauth-linkedin (0.2.0)
      omniauth-oauth (~> 1.0)
    omniauth-oauth (1.1.0)
      oauth
      omniauth (~> 1.0)
    omniauth-oauth2 (1.4.0)
      oauth2 (~> 1.0)
      omniauth (~> 1.2)
    omniauth-twitter (1.4.0)
      omniauth-oauth (~> 1.1)
      rack
    open-weather (0.12.0)
      json (~> 1)
    orm_adapter (0.5.0)
    paranoia (2.2.1)
      activerecord (>= 4.0, < 5.1)
    pg (0.20.0)
    phonelib (0.6.10)
    phony (2.15.41)
    phony_rails (0.14.5)
      activesupport (>= 3.0)
      phony (~> 2.15)
    pismo (0.7.4)
      awesome_print
      chronic
      fast-stemmer
      nokogiri
      sanitize
    polipus (0.5.1)
      hiredis (~> 0.5, >= 0.4.5)
      http-cookie (~> 1.0, >= 1.0.1)
      nokogiri (~> 1.6, >= 1.6.0)
      redis (~> 3.0, >= 3.0.4)
      redis-bloomfilter (~> 0.0, >= 0.0.3)
      redis-queue (~> 0.0, >= 0.0.4)
    poltergeist (1.13.0)
      capybara (~> 2.1)
      cliver (~> 0.3.1)
      websocket-driver (>= 0.2.0)
    predictionio (0.9.6)
      json (~> 1.8)
    procme (0.0.3)
    programr (0.0.1)
    protected_attributes (1.1.3)
      activemodel (>= 4.0.1, < 5.0)
    pry (0.10.4)
      coderay (~> 1.1.0)
      method_source (~> 0.8.1)
      slop (~> 3.4)
    public_suffix (2.0.5)
    quandl (1.0.3)
      activesupport (>= 4.2.3)
      json (~> 1.8.3)
      rest-client (~> 1.8.0)
    quiet_assets (1.1.0)
      railties (>= 3.1, < 5.0)
    rack (1.6.5)
    rack-attack (5.0.1)
      rack
    rack-cache (1.7.0)
      rack (>= 0.4)
    rack-cors (0.4.1)
    rack-openid (1.4.2)
      rack (>= 1.1.0)
      ruby-openid (>= 2.1.8)
    rack-protection (1.5.3)
      rack
    rack-ssl-enforcer (0.2.9)
    rack-test (0.6.3)
      rack (>= 1.0)
    rails (4.2.6)
      actionmailer (= 4.2.6)
      actionpack (= 4.2.6)
      actionview (= 4.2.6)
      activejob (= 4.2.6)
      activemodel (= 4.2.6)
      activerecord (= 4.2.6)
      activesupport (= 4.2.6)
      bundler (>= 1.3.0, < 2.0)
      railties (= 4.2.6)
      sprockets-rails
    rails-deprecated_sanitizer (1.0.3)
      activesupport (>= 4.2.0.alpha)
    rails-dom-testing (1.0.8)
      activesupport (>= 4.2.0.beta, < 5.0)
      nokogiri (~> 1.6)
      rails-deprecated_sanitizer (>= 1.0.1)
    rails-html-sanitizer (1.0.3)
      loofah (~> 2.0)
    rails_layout (1.0.34)
    railties (4.2.6)
      actionpack (= 4.2.6)
      activesupport (= 4.2.6)
      rake (>= 0.8.7)
      thor (>= 0.18.1, < 2.0)
    rake (12.0.0)
    rake-compiler (1.0.3)
      rake
    random_user_agent (1.0.0)
    rb-fchange (0.0.6)
      ffi
    rb-fsevent (0.9.8)
    rb-inotify (0.9.8)
      ffi (>= 0.5.0)
    rb-readline (0.5.4)
    reality (0.0.4)
      geokit
      hashie
      infoboxer (>= 0.2.4)
      open-weather
      quandl
      ruby-sun-times
      time_boots
      timezone (>= 0.99.0)
      tzinfo
    redis (3.3.3)
    redis-bloomfilter (0.0.3)
      hiredis (~> 0.5, >= 0.5.2)
      redis (~> 3.0, >= 3.0.4)
    redis-namespace (1.5.3)
      redis (~> 3.0, >= 3.0.4)
    redis-objects (1.2.1)
      redis (>= 3.0.2)
    redis-queue (0.0.4)
      hiredis (~> 0.5, >= 0.5.2)
      redis (~> 3.0, >= 3.0.4)
    require_all (1.4.0)
    responders (2.3.0)
      railties (>= 4.2.0, < 5.1)
    rest-client (1.8.0)
      http-cookie (>= 1.0.2, < 2.0)
      mime-types (>= 1.16, < 3.0)
      netrc (~> 0.7)
    roo (2.7.1)
      nokogiri (~> 1)
      rubyzip (~> 1.1, < 2.0.0)
    rspec (3.5.0)
      rspec-core (~> 3.5.0)
      rspec-expectations (~> 3.5.0)
      rspec-mocks (~> 3.5.0)
    rspec-core (3.5.4)
      rspec-support (~> 3.5.0)
    rspec-expectations (3.5.0)
      diff-lcs (>= 1.2.0, < 2.0)
      rspec-support (~> 3.5.0)
    rspec-its (1.2.0)
      rspec-core (>= 3.0.0)
      rspec-expectations (>= 3.0.0)
    rspec-mocks (3.5.0)
      diff-lcs (>= 1.2.0, < 2.0)
      rspec-support (~> 3.5.0)
    rspec-rails (3.5.2)
      actionpack (>= 3.0)
      activesupport (>= 3.0)
      railties (>= 3.0)
      rspec-core (~> 3.5.0)
      rspec-expectations (~> 3.5.0)
      rspec-mocks (~> 3.5.0)
      rspec-support (~> 3.5.0)
    rspec-support (3.5.0)
    ruby-mailchecker (3.0.23)
    ruby-openid (2.7.0)
    ruby-progressbar (1.8.1)
    ruby-readability (0.7.0)
      guess_html_encoding (>= 0.0.4)
      nokogiri (>= 1.6.0)
    ruby-stemmer (0.9.6)
    ruby-sun-times (0.1.5)
    ruby_dep (1.5.0)
    rubydns (1.0.3)
      celluloid (= 0.16.0)
      celluloid-io (= 0.16.2)
      timers (~> 4.0.1)
    rubyzip (1.2.1)
    sad_panda (1.0.1)
      ruby-stemmer
    safely_block (0.1.1)
      errbase
    sanitize (4.4.0)
      crass (~> 1.0.2)
      nokogiri (>= 1.4.4)
      nokogumbo (~> 1.4.1)
    sass (3.4.23)
    sass-rails (5.0.6)
      railties (>= 4.0.0, < 6)
      sass (~> 3.1)
      sprockets (>= 2.8, < 4.0)
      sprockets-rails (>= 2.0, < 4.0)
      tilt (>= 1.1, < 3)
    searchjoy (0.2.0)
      activerecord (>= 4)
      chartkick
      groupdate
    searchkick (2.1.1)
      activemodel (>= 4.1)
      elasticsearch (>= 1)
      hashie
    selenium-webdriver (3.3.0)
      childprocess (~> 0.5)
      rubyzip (~> 1.0)
      websocket (~> 1.0)
    sentimental (1.4.1)
    serverspec (2.38.0)
      multi_json
      rspec (~> 3.0)
      rspec-its
      specinfra (~> 2.53)
    sfl (2.3)
    shellany (0.0.1)
    sidekiq (4.2.10)
      concurrent-ruby (~> 1.0)
      connection_pool (~> 2.2, >= 2.2.0)
      rack-protection (>= 1.5.0)
      redis (~> 3.2, >= 3.2.1)
    sidekiq-benchmark (0.5.2)
      chartkick (>= 1.1.1)
      sidekiq (~> 4)
    sidekiq-failures (0.4.5)
      sidekiq (>= 2.16.0)
    sidekiq-hierarchy (2.1.0)
      connection_pool (~> 2.0)
      sidekiq (> 3.3, < 5)
    sidekiq-history (0.0.7)
      sidekiq (>= 3.0.0)
    sidekiq-lock (0.3.0)
      redis (>= 3.0.5)
      sidekiq (>= 2.14.0)
    sidekiq-monitor-stats (0.0.1)
      sidekiq
    sidekiq-statistic (1.2.0)
      sidekiq (>= 3.3.4, < 5)
    sidekiq-statsd (0.1.5)
      activesupport
      sidekiq (>= 2.6)
      statsd-ruby (>= 1.1.0)
    sidekiq-status (0.6.0)
      sidekiq (>= 2.7)
    sidekiq-throttler (0.5.1)
      activesupport
      sidekiq (>= 2.5, < 5.0)
    sidekiq-unique-jobs (4.0.18)
      sidekiq (>= 2.6)
      thor
    sinatra (1.4.8)
      rack (~> 1.5)
      rack-protection (~> 1.4)
      tilt (>= 1.3, < 3)
    sixarm_ruby_unaccent (1.1.1)
    slop (3.6.0)
    social_shares (0.3.2)
      json
      rest-client
    specinfra (2.67.3)
      net-scp
      net-ssh (>= 2.7, < 5.0)
      net-telnet
      sfl
    spring (2.0.1)
      activesupport (>= 4.2)
    spring-commands-rspec (1.0.4)
      spring (>= 0.9.1)
    sprockets (3.7.1)
      concurrent-ruby (~> 1.0)
      rack (> 1, < 3)
    sprockets-rails (3.2.0)
      actionpack (>= 4.0)
      activesupport (>= 4.0)
      sprockets (>= 3.0.0)
    sshkit (1.12.0)
      net-scp (>= 1.1.2)
      net-ssh (>= 2.8.0)
    sshkit-interactive (0.2.0)
      sshkit (~> 1.9)
    stackprof (0.2.10)
    statsd-ruby (1.3.0)
    stopwords-filter (0.4.1)
    stripe (2.0.1)
      faraday (~> 0)
    stripe_event (1.6.0)
      activesupport (>= 3.1)
      stripe (>= 1.6, < 3.0)
    summarize (1.0.3)
      rake-compiler
    swot (1.0.0)
      naughty_or_nice (~> 2.0)
      public_suffix
    table_print (1.5.6)
    terminal-table (1.7.3)
      unicode-display_width (~> 1.1.1)
    text (1.3.1)
    thor (0.19.4)
    thread_safe (0.3.6)
    tika-app (0.2.1)
    tilt (2.0.7)
    time_boots (0.0.2)
    time_diff (0.3.0)
      activesupport
      i18n
    timers (4.0.4)
      hitimes
    timezone (1.2.6)
    tzinfo (1.2.3)
      thread_safe (~> 0.1)
    uglifier (3.1.13)
      execjs (>= 0.3.0, < 3)
    unf (0.1.4)
      unf_ext
    unf_ext (0.0.7.2)
    unicode-display_width (1.1.3)
    valid_url (0.0.4)
      addressable
      rails
    validate_url (1.0.2)
      activemodel (>= 3.0.0)
      addressable
    validates_phone_number (2.0.1)
    warden (1.2.7)
      rack (>= 1.0)
    webrobots (0.1.2)
    websocket (1.2.4)
    websocket-driver (0.6.5)
      websocket-extensions (>= 0.1.0)
    websocket-extensions (0.1.2)
    whatlanguage (1.0.6)
    whenever (0.9.7)
      chronic (>= 0.6.3)
    whois (4.0.1)
    will_paginate (3.1.5)
    word_count_analyzer (1.0.0)
      engtagger
    words_counted (1.0.2)
    xpath (2.0.0)
      nokogiri (~> 1.3)
    zip-zip (0.3)
      rubyzip (>= 1.0.0)

PLATFORMS
  ruby

DEPENDENCIES
  Indirizzo
  PageRankr
  ValidateEmail
  active_median
  activejob_backport
  ahoy_email
  apartment
  area
  bcrypt-ruby
  benchmark-ips
  better_errors
  bootstrap-sass
  bson_ext
  by_star
  capistrano
  capistrano-bundler
  capistrano-composer
  capistrano-rails
  capistrano-rails-console
  capistrano-rvm
  capistrano-sidekiq
  capybara
  capybara-webkit
  chartkick
  coffee-rails (~> 4.1.0)
  connection_pool
  curb
  dalli
  dalli-elasticache
  database_cleaner
  derailed
  devise
  devise-doorkeeper
  devise-encryptable
  devise_invitable
  devise_openid_authenticatable
  devise_uid
  dnsruby
  docker-api
  doorkeeper
  elastic-beanstalk
  elasticsearch (>= 1.0.15)
  em-udns
  email-authentication
  email_domain_validator
  email_validator
  email_verifier
  engtagger
  eventmachine
  execjs
  factory_girl_rails
  faraday_middleware-aws-signers-v4
  ffaker
  ffi
  fletcher
  fuubar
  fuzzy-string-match
  fuzzy_match
  gman
  googlepagerank
  gravtastic
  gritter (= 1.2.0)
  groupdate
  growl
  guard
  guard-bundler
  guard-rails
  guard-rspec
  guard-sidekiq
  guess
  headless
  high_voltage
  highline
  hightop
  hiredis (~> 0.6.1)
  iconv
  jbuilder (~> 2.0)
  jquery-rails
  koala (~> 2.2)
  koudoku
  launchy
  letter_opener
  letter_opener_web
  linkedin-scraper
  lograge
  marky_markov
  mechanize
  metainspector
  method_profiler
  momentjs-rails
  mx-validator
  namae
  net-telnet
  nokogiri
  oauth2
  odyssey
  omniauth
  omniauth-facebook
  omniauth-google
  omniauth-linkedin
  omniauth-oauth2
  omniauth-twitter
  paranoia (~> 2.2)
  pg
  phonelib
  phony_rails
  pismo
  polipus (~> 0.5.1)
  poltergeist
  predictionio (= 0.9.6)
  programr
  protected_attributes
  quiet_assets
  rack-attack
  rack-cache
  rack-cors
  rack-ssl-enforcer
  rails (= 4.2.6)
  rails_layout
  rb-fchange
  rb-fsevent
  rb-inotify
  rb-readline
  reality
  redis (~> 3.2)
  redis-namespace
  redis-objects
  roo
  rspec-core
  rspec-rails
  ruby-mailchecker
  ruby-readability
  rubydns
  sad_panda
  sass-rails (~> 5.0)
  searchjoy
  searchkick
  selenium-webdriver
  sentimental
  serverspec
  sidekiq (< 5)
  sidekiq-benchmark
  sidekiq-failures
  sidekiq-hierarchy
  sidekiq-history
  sidekiq-lock
  sidekiq-monitor-stats
  sidekiq-statistic
  sidekiq-statsd
  sidekiq-status
  sidekiq-throttler
  sidekiq-unique-jobs
  sinatra
  social_shares
  spring-commands-rspec
  stackprof
  statsd-ruby
  stopwords-filter
  summarize
  swot
  text
  tika-app
  uglifier (>= 1.3.0)
  valid_url
  validate_url
  validates_phone_number
  whatlanguage
  whenever
  whois
  will_paginate
  word_count_analyzer
  words_counted
  zip-zip

BUNDLED WITH
   1.14.6
